GEM
  remote: https://rubygems.org/
  specs:
    asciidoctor (1.5.5)
    asciidoctor-revealjs (1.0.2)
      asciidoctor (~> 1.5.4)
      slim (~> 3.0.6)
      thread_safe (~> 0.3.5)
    multi_json (1.12.1)
    pygments.rb (1.1.1)
      multi_json (>= 1.0.0)
    slim (3.0.7)
      temple (~> 0.7.6)
      tilt (>= 1.3.3, < 2.1)
    temple (0.7.7)
    thread_safe (0.3.5)
    tilt (2.0.5)

PLATFORMS
  ruby

DEPENDENCIES
  asciidoctor (~> 1.5)
  asciidoctor-revealjs (~> 1.0)
  pygments.rb (~> 1.1)

BUNDLED WITH
   1.13.7
